GEM
  remote: https://rubygems.org/
  specs:
    activemodel (3.2.14)
      activesupport (= 3.2.14)
      builder (~> 3.0.0)
    activesupport (3.2.14)
      i18n (~> 0.6, >= 0.6.4)
      multi_json (~> 1.0)
    bson (1.9.2)
    bson_ext (1.9.2)
      bson (~> 1.9.2)
    builder (3.0.4)
    capybara (2.1.0)
      mime-types (>= 1.16)
      nokogiri (>= 1.3.3)
      rack (>= 1.0.0)
      rack-test (>= 0.5.4)
      xpath (~> 2.0)
    childprocess (0.3.9)
      ffi (~> 1.0, >= 1.0.11)
    daemons (1.1.9)
    dotenv (0.7.0)
    eventmachine (1.0.3)
    ffi (1.8.1)
    foreman (0.63.0)
      dotenv (>= 0.7)
      thor (>= 0.13.6)
    haml (4.0.3)
      tilt
    i18n (0.6.5)
    mime-types (1.23)
    mongo (1.9.2)
      bson (~> 1.9.2)
    mongo_mapper (0.12.0)
      activemodel (~> 3.0)
      activesupport (~> 3.0)
      plucky (~> 0.5.2)
    multi_json (1.7.9)
    nokogiri (1.5.9)
    plucky (0.5.2)
      mongo (~> 1.5)
    rack (1.5.2)
    rack-flash3 (1.0.3)
      rack
    rack-protection (1.5.0)
      rack
    rack-test (0.6.2)
      rack (>= 1.0)
    rake (10.1.0)
    rubyzip (0.9.9)
    selenium-webdriver (2.32.1)
      childprocess (>= 0.2.5)
      multi_json (~> 1.0)
      rubyzip
      websocket (~> 1.0.4)
    sinatra (1.4.3)
      rack (~> 1.4)
      rack-protection (~> 1.4)
      tilt (~> 1.3, >= 1.3.4)
    thin (1.5.1)
      daemons (>= 1.0.9)
      eventmachine (>= 0.12.6)
      rack (>= 1.0.0)
    thor (0.18.1)
    tilt (1.4.1)
    websocket (1.0.7)
    xpath (2.0.0)
      nokogiri (~> 1.3)

PLATFORMS
  ruby

DEPENDENCIES
  bson_ext
  capybara
  foreman
  haml
  mongo
  mongo_mapper
  rack-flash3
  rack-test
  rake
  selenium-webdriver
  sinatra
  thin
